GEM
  remote: https://rubygems.org/
  specs:
    rmagick (2.13.2)
    serialport (1.1.0)

PLATFORMS
  ruby

DEPENDENCIES
  rmagick (~> 2.13.2)
  serialport (~> 1.1.0)
