GEM
  remote: https://rubygems.org/
  specs:
    rmagick (2.13.2)
    ruby-progressbar (1.1.1)
    serialport (1.1.0)

PLATFORMS
  ruby

DEPENDENCIES
  rmagick (~> 2.13.2)
  ruby-progressbar
  serialport (~> 1.1.0)
