GEM
  remote: https://rubygems.org/
  specs:
    bindata (1.5.0)
    chunky_png (1.2.8)
    rmagick (2.13.2)
    ruby-progressbar (1.1.1)
    serialport (1.1.0)

PLATFORMS
  ruby

DEPENDENCIES
  bindata (~> 1.5.0)
  chunky_png
  rmagick (~> 2.13.2)
  ruby-progressbar
  serialport (~> 1.1.0)
